GEM
  remote: https://rubygems.org/
  specs:
    minitest (5.9.0)

PLATFORMS
  ruby

DEPENDENCIES
  minitest

RUBY VERSION
   ruby 2.3.1p112

BUNDLED WITH
   1.12.5
